GIT
  remote: https://github.com/Xalgorithms/xa-rules.git
  revision: 51f96923d28b18859e16adf4b829a8f3ba8e91b0
  specs:
    xa-rules (0.2.0)
      parslet

GEM
  remote: https://rubygems.org/
  specs:
    activesupport (5.1.4)
      concurrent-ruby (~> 1.0, >= 1.0.2)
      i18n (~> 0.7)
      minitest (~> 5.1)
      tzinfo (~> 1.1)
    backports (3.11.1)
    bson (4.2.2)
    cassandra-driver (3.2.0)
      ione (~> 1.2)
    coderay (1.1.2)
    concurrent-ruby (1.0.5)
    ffi (1.9.18)
    i18n (0.9.1)
      concurrent-ruby (~> 1.0)
    ione (1.2.4)
    listen (3.1.5)
      rb-fsevent (~> 0.9, >= 0.9.4)
      rb-inotify (~> 0.9, >= 0.9.7)
      ruby_dep (~> 1.2)
    macaddr (1.7.1)
      systemu (~> 2.6.2)
    method_source (0.9.0)
    minitest (5.11.0)
    mongo (2.4.3)
      bson (>= 4.2.1, < 5.0.0)
    multi_json (1.12.2)
    mustermann (1.0.2)
    parslet (1.8.2)
    pry (0.11.3)
      coderay (~> 1.1.0)
      method_source (~> 0.9.0)
    puma (3.11.0)
    rack (2.0.4)
    rack-protection (2.0.1)
      rack
    rb-fsevent (0.10.2)
    rb-inotify (0.9.10)
      ffi (>= 0.5.0, < 2)
    rerun (0.11.0)
      listen (~> 3.0)
    ruby_dep (1.5.0)
    rugged (0.26.0)
    sinatra (2.0.1)
      mustermann (~> 1.0)
      rack (~> 2.0)
      rack-protection (= 2.0.1)
      tilt (~> 2.0)
    sinatra-contrib (2.0.1)
      backports (>= 2.0)
      multi_json
      mustermann (~> 1.0)
      rack-protection (= 2.0.1)
      sinatra (= 2.0.1)
      tilt (>= 1.3, < 3)
    systemu (2.6.5)
    thread_safe (0.3.6)
    tilt (2.0.8)
    tzinfo (1.2.4)
      thread_safe (~> 0.1)
    uuid (2.3.8)
      macaddr (~> 1.0)

PLATFORMS
  ruby

DEPENDENCIES
  activesupport
  cassandra-driver
  mongo
  multi_json
  pry
  puma
  rerun
  rugged
  sinatra (~> 2.0.1)
  sinatra-contrib (~> 2.0.1)
  uuid
  xa-rules!

RUBY VERSION
   ruby 2.4.2p198

BUNDLED WITH
   1.16.1
